GIT
  remote: https://github.com/openaustralia/scraperwiki-ruby.git
  revision: fc50176812505e463077d5c673d504a6a234aa78
  branch: morph_defaults
  specs:
    scraperwiki (3.0.1)
      httpclient
      sqlite_magic

GEM
  remote: https://rubygems.org/
  specs:
    faraday (1.3.0)
      faraday-net_http (~> 1.0)
      multipart-post (>= 1.2, < 3)
      ruby2_keywords
    faraday-net_http (1.0.1)
    httpclient (2.8.3)
    multipart-post (2.1.1)
    ruby2_keywords (0.0.4)
    sqlite3 (1.4.2)
    sqlite_magic (0.0.6)
      sqlite3

PLATFORMS
  ruby
  x64-mingw32

DEPENDENCIES
  faraday
  scraperwiki!

RUBY VERSION
   ruby 2.5.8p224

BUNDLED WITH
   1.17.3
